GIT
  remote: git://github.com/AndrewKvalheim/toto.git
  revision: d5ae4f4b4033515d1ba8e818ca5482ccdac2618d
  specs:
    toto (0.4.9)
      builder
      kramdown
      rack

GEM
  remote: http://rubygems.org/
  specs:
    addressable (2.2.6)
    builder (3.0.0)
    haml (3.1.4)
    heroku (2.16.1)
      launchy (>= 0.3.2)
      rest-client (~> 1.6.1)
      rubyzip
      term-ansicolor (~> 1.0.5)
    kramdown (0.13.3)
    launchy (2.0.5)
      addressable (~> 2.2.6)
    mime-types (1.17.2)
    nokogiri (1.5.0)
    rack (1.3.5)
    rack-codehighlighter (0.5.0)
      nokogiri (>= 1.4.1)
      rack (>= 1.0.0)
    rack-rewrite (1.2.1)
    rake (0.9.2.2)
    rest-client (1.6.7)
      mime-types (>= 1.16)
    rubyzip (0.9.5)
    sass (3.1.11)
    shotgun (0.9)
      rack (>= 1.0)
    term-ansicolor (1.0.7)

PLATFORMS
  ruby

DEPENDENCIES
  haml
  heroku
  rack-codehighlighter
  rack-rewrite
  rake
  sass
  shotgun
  toto!
