GIT
  remote: git://github.com/AndrewKvalheim/toto.git
  revision: f4265a5efb9d8b0485939438740b335f3d6591f6
  specs:
    toto (0.4.9)
      builder
      rack
      rdiscount

GEM
  remote: http://rubygems.org/
  specs:
    addressable (2.2.6)
    builder (3.0.0)
    haml (3.1.3)
    heroku (2.8.6)
      launchy (>= 0.3.2)
      rest-client (~> 1.6.1)
      rubyzip
      term-ansicolor (~> 1.0.5)
    launchy (2.0.5)
      addressable (~> 2.2.6)
    mime-types (1.16)
    rack (1.3.4)
    rake (0.9.2)
    rdiscount (1.6.8)
    rest-client (1.6.7)
      mime-types (>= 1.16)
    rubyzip (0.9.4)
    sass (3.1.7)
    shotgun (0.9)
      rack (>= 1.0)
    term-ansicolor (1.0.6)

PLATFORMS
  ruby

DEPENDENCIES
  haml
  heroku
  rake
  sass
  shotgun
  toto!
